GEM
  remote: https://rubygems.org/
  specs:
    abstraction (0.0.4)
    activemodel (6.1.4)
      activesupport (= 6.1.4)
    activerecord (6.1.4)
      activemodel (= 6.1.4)
      activesupport (= 6.1.4)
    activesupport (6.1.4)
      concurrent-ruby (~> 1.0, >= 1.0.2)
      i18n (>= 1.6, < 2)
      minitest (>= 5.1)
      tzinfo (~> 2.0)
      zeitwerk (~> 2.3)
    aes_key_wrap (1.1.0)
    amazing_print (1.4.0)
    bcrypt (3.1.16)
    bindata (2.4.10)
    concurrent-ruby (1.1.9)
    daemons (1.4.0)
    diff-lcs (1.4.4)
    ebnf (2.2.1)
      amazing_print (~> 1.2)
      htmlentities (~> 4.3)
      rdf (~> 3.1)
      scanf (~> 1.0)
      sxp (~> 1.1)
      unicode-types (~> 1.6)
    eventmachine (1.2.7)
    ffi (1.15.4)
    haml (5.2.1)
      temple (>= 0.8.0)
      tilt
    hamster (3.0.0)
      concurrent-ruby (~> 1.0)
    htmlentities (4.3.4)
    i18n (1.8.10)
      concurrent-ruby (~> 1.0)
    json (2.5.1)
    json-canonicalization (0.2.1)
    json-jwt (1.13.0)
      activesupport (>= 4.2)
      aes_key_wrap
      bindata
    json-ld (3.1.10)
      htmlentities (~> 4.3)
      json-canonicalization (~> 0.2)
      link_header (~> 0.0, >= 0.0.8)
      multi_json (~> 1.14)
      rack (~> 2.0)
      rdf (~> 3.1)
    jwt (2.2.3)
    link_header (0.0.8)
    minitest (5.14.4)
    multi_json (1.15.0)
    mustermann (1.1.1)
      ruby2_keywords (~> 0.0.1)
    net-ldap (0.17.0)
    openssl (2.2.0)
    power_assert (2.0.0)
    rack (2.2.3)
    rack-protection (2.1.0)
      rack
    rack-test (1.1.0)
      rack (>= 1.0, < 3)
    rbnacl (7.1.1)
      ffi
    rdf (3.1.15)
      hamster (~> 3.0)
      link_header (~> 0.0, >= 0.0.8)
    rdf-normalize (0.4.0)
      rdf (~> 3.1)
    rdf-turtle (3.1.3)
      ebnf (~> 2.1)
      rdf (~> 3.1, >= 3.1.8)
    require_all (3.0.0)
    rspec (3.10.0)
      rspec-core (~> 3.10.0)
      rspec-expectations (~> 3.10.0)
      rspec-mocks (~> 3.10.0)
    rspec-core (3.10.1)
      rspec-support (~> 3.10.0)
    rspec-expectations (3.10.1)
      diff-lcs (>= 1.2.0, < 2.0)
      rspec-support (~> 3.10.0)
    rspec-mocks (3.10.2)
      diff-lcs (>= 1.2.0, < 2.0)
      rspec-support (~> 3.10.0)
    rspec-support (3.10.2)
    ruby-jsonld-signatures (0.0.11)
      rdf (~> 3.1)
      rdf-normalize
      rdf-turtle
    ruby2_keywords (0.0.4)
    scanf (1.0.0)
    sinatra (2.1.0)
      mustermann (~> 1.0)
      rack (~> 2.2)
      rack-protection (= 2.1.0)
      tilt (~> 2.0)
    sinatra-activerecord (2.0.23)
      activerecord (>= 4.1)
      sinatra (>= 1.0)
    sinatra-contrib (2.1.0)
      multi_json
      mustermann (~> 1.0)
      rack-protection (= 2.1.0)
      sinatra (= 2.1.0)
      tilt (~> 2.0)
    sinatra-cors (1.2.0)
    sqlite3 (1.4.2)
    sxp (1.1.0)
      rdf (~> 3.1)
    temple (0.8.2)
    test-unit (3.4.4)
      power_assert
    thin (1.8.1)
      daemons (~> 1.0, >= 1.0.9)
      eventmachine (~> 1.0, >= 1.0.4)
      rack (>= 1, < 3)
    tilt (2.0.10)
    tzinfo (2.0.4)
      concurrent-ruby (~> 1.0)
    unicode-types (1.7.0)
    webrick (1.7.0)
    zeitwerk (2.4.2)

PLATFORMS
  ruby
  universal-darwin-20
  x86_64-darwin-19
  x86_64-linux

DEPENDENCIES
  abstraction
  bcrypt
  haml
  json
  json-jwt
  json-ld
  jwt
  net-ldap
  openssl
  rack-test
  rbnacl
  require_all
  rspec
  ruby-jsonld-signatures
  scanf
  sinatra
  sinatra-activerecord
  sinatra-contrib
  sinatra-cors
  sqlite3
  test-unit
  thin
  webrick

BUNDLED WITH
   2.2.26
